PATH
  remote: .
  specs:
    file_explorer (0.1.0)

GEM
  remote: https://rubygems.org/
  specs:
    thread_safe (0.3.6)
    tzinfo (1.2.5)
      thread_safe (~> 0.1)
    tzinfo-data (1.2018.7)
      tzinfo (>= 1.0.0)

PLATFORMS
  x86-mingw32

DEPENDENCIES
  file_explorer!
  tzinfo-data

BUNDLED WITH
   1.16.1
